GIT
  remote: git://github.com/nviennot/nobrainer.git
  revision: 58901cafe322946e429bf8c3a199ade0dbb1303b
  specs:
    nobrainer (0.7.3)
      activemodel (>= 3.2.0, < 5)
      middleware (~> 0.1.0)
      rethinkdb (~> 1.11.0.1)

GEM
  remote: https://rubygems.org/
  specs:
    activemodel (3.2.16)
      activesupport (= 3.2.16)
      builder (~> 3.0.0)
    activesupport (3.2.16)
      i18n (~> 0.6, >= 0.6.4)
      multi_json (~> 1.0)
    bson (1.9.2)
    bson_ext (1.9.2)
      bson (~> 1.9.2)
    builder (3.0.4)
    i18n (0.6.9)
    json (1.8.1)
    middleware (0.1.0)
    mongoid (3.1.6)
      activemodel (~> 3.2)
      moped (~> 1.4)
      origin (~> 1.0)
      tzinfo (~> 0.3.29)
    moped (1.5.1)
    multi_json (1.8.2)
    origin (1.1.0)
    rake (10.1.1)
    rethinkdb (1.11.0.1)
      json
      ruby-protocol-buffers
    ruby-protocol-buffers (1.5.1)
    tzinfo (0.3.38)

PLATFORMS
  ruby

DEPENDENCIES
  bson_ext
  mongoid (~> 3.0)
  nobrainer!
  rake
